GEM
  remote: http://rubygems.org/
  specs:
    chunky_png (0.12.0)
    diff-lcs (1.1.2)
    rspec (2.6.0)
      rspec-core (~> 2.6.0)
      rspec-expectations (~> 2.6.0)
      rspec-mocks (~> 2.6.0)
    rspec-core (2.6.4)
    rspec-expectations (2.6.0)
      diff-lcs (~> 1.1.2)
    rspec-mocks (2.6.0)
    ruby-doom (0.9.0)
    theseus (1.0.2)
      chunky_png (~> 0.12.0)

PLATFORMS
  ruby

DEPENDENCIES
  rspec
  ruby-doom
  theseus
